GEM
  remote: https://rubygems.org/
  specs:
    addressable (2.4.0)
    ashton (0.1.5-x64-mingw32)
      gosu (~> 0.7)
      opengl (~> 0.9.0)
    chingu (0.9rc9)
      gosu (>= 0.7.45)
    chroma (0.0.1)
    colored (1.2)
    cri (2.7.0)
      colored (~> 1.2)
    excon (0.49.0)
    gosu (0.10.6-x64-mingw32)
    humanize (1.1.1)
    launchy (2.4.3)
      addressable (~> 2.3)
    ocra (1.3.6)
    oj (2.15.0-x64-mingw32)
    opengl (0.9.2-x64-mingw32)
    rake (11.1.2)
    releasy (0.2.3)
      bundler
      cri
      ocra
      rake
    texplay (0.4.4.pre-x64-mingw32)
      gosu (>= 0.7.25)

PLATFORMS
  x64-mingw32

DEPENDENCIES
  ashton (= 0.1.5)
  chingu (= 0.9rc9)
  chroma
  excon
  gosu
  humanize
  launchy
  oj
  rake
  releasy
  texplay (~> 0.4.4.pre)

BUNDLED WITH
   1.11.2
