GEM
  remote: https://rubygems.org/
  specs:
    addressable (2.5.2)
      public_suffix (>= 2.0.2, < 4.0)
    chroma (0.2.0)
    excon (0.62.0)
    gosu (0.14.4)
    gosu (0.14.4-x86-mingw32)
    humanize (2.0.0)
    launchy (2.4.3)
      addressable (~> 2.3)
    msgpack (1.2.4)
    msgpack (1.2.4-x86-mingw32)
    oj (3.7.4)
    public_suffix (3.0.3)
    rake (12.3.2)

PLATFORMS
  ruby
  x86-mingw32

DEPENDENCIES
  chroma
  excon
  gosu
  humanize
  launchy
  msgpack
  oj
  rake

BUNDLED WITH
   1.17.2
