GEM
  remote: https://rubygems.org/
  specs:
    addressable (2.4.0)
    ashton (0.1.6)
      gosu (~> 0.7)
      opengl (~> 0.9.0)
    chingu (0.9rc9)
      gosu (>= 0.7.45)
    chroma (0.0.1)
    excon (0.49.0)
    gosu (0.10.6)
    gosu (0.10.6-x64-mingw32)
    gosu (0.10.6-x86-mingw32)
    humanize (1.1.1)
    launchy (2.4.3)
      addressable (~> 2.3)
    oj (2.15.0)
    opengl (0.9.2)
    opengl (0.9.2-x64-mingw32)
    opengl (0.9.2-x86-mingw32)
    rake (0.9.2.2)
    texplay (0.4.4.pre)
      gosu (>= 0.7.25)

PLATFORMS
  ruby
  x64-mingw32
  x86-mingw32

DEPENDENCIES
  ashton
  chingu (= 0.9rc9)
  chroma
  excon
  gosu
  humanize
  launchy
  oj
  rake (= 0.9.2.2)
  texplay (~> 0.4.4.pre)

BUNDLED WITH
   1.11.2
