GEM
  remote: https://rubygems.org/
  specs:
    ashton (0.1.0)
      gosu (~> 0.7.45)
      opengl (~> 0.8.0.pre1)
    chingu (0.9rc9)
      gosu (>= 0.7.45)
      gosu (>= 0.7.45)
    cri (2.1.0)
    faster_xml_simple (0.5.0)
      libxml-ruby (>= 0.3.8.4)
    gosu (0.7.50)
    gosu (0.7.50-x86-mingw32)
    httpclient (2.3.4.1)
    humanize (1.1.0)
    json (1.8.1)
    libxml-ruby (2.7.0)
    libxml-ruby (2.7.0-x86-mingw32)
    mini_portile (0.5.2)
    net-github-upload (0.0.8)
      faster_xml_simple
      httpclient
      json
      nokogiri (>= 1.4.0)
    nokogiri (1.6.0)
      mini_portile (~> 0.5.0)
    nokogiri (1.6.0-x86-mingw32)
      mini_portile (~> 0.5.0)
    ocra (1.3.1)
    opengl (0.8.0)
    opengl (0.8.0-x86-mingw32)
    rake (0.9.2.2)
    releasy (0.2.2)
      cri (~> 2.1.0)
      net-github-upload (~> 0.0.8)
      ocra (~> 1.3.0)
      rake (~> 0.9.2.2)
      thor (~> 0.14.6)
    ruby-prof (0.14.2)
    texplay (0.4.3)
      gosu (>= 0.7.25)
    texplay (0.4.3-x86-mingw32)
      gosu (>= 0.7.25)
    thor (0.14.6)

PLATFORMS
  x86-mingw32

DEPENDENCIES
  ashton
  chingu (~> 0.9rc9)
  humanize
  ocra
  rake (= 0.9.2.2)
  releasy
  ruby-prof
  texplay
