GIT
  remote: https://github.com/Spooner/ashton.git
  revision: ab5691c9062de53e65232a34c16645721512710c
  specs:
    ashton (0.1.4)
      gosu (~> 0.7)
      opengl (~> 0.9.0)

GEM
  remote: https://rubygems.org/
  specs:
    chingu (0.9rc9)
      gosu (>= 0.7.45)
      gosu (>= 0.7.45)
    cri (2.1.0)
    faster_xml_simple (0.5.0)
      libxml-ruby (>= 0.3.8.4)
    gosu (0.8.5)
    gosu (0.8.5-x86-mingw32)
    httpclient (2.5.3.3)
    humanize (1.1.0)
    json (1.8.1)
    libxml-ruby (2.7.0)
    libxml-ruby (2.7.0-x86-mingw32)
    mini_portile (0.6.1)
    net-github-upload (0.0.8)
      faster_xml_simple
      httpclient
      json
      nokogiri (>= 1.4.0)
    nokogiri (1.6.4.1)
      mini_portile (~> 0.6.0)
    nokogiri (1.6.4.1-x86-mingw32)
      mini_portile (~> 0.6.0)
    ocra (1.3.3)
    opengl (0.9.1)
    opengl (0.9.1-x86-mingw32)
    rake (0.9.2.2)
    releasy (0.2.2)
      cri (~> 2.1.0)
      net-github-upload (~> 0.0.8)
      ocra (~> 1.3.0)
      rake (~> 0.9.2.2)
      thor (~> 0.14.6)
    ruby-prof (0.15.2)
    texplay (0.4.3)
      gosu (>= 0.7.25)
    texplay (0.4.3-x86-mingw32)
      gosu (>= 0.7.25)
    thor (0.14.6)

PLATFORMS
  ruby
  x86-mingw32

DEPENDENCIES
  ashton!
  chingu (~> 0.9rc9)
  gosu (~> 0.8.5)
  humanize
  ocra
  rake (= 0.9.2.2)
  releasy
  ruby-prof
  texplay (~> 0.4.3)
