GEM
  remote: https://rubygems.org/
  specs:
    addressable (2.5.1)
      public_suffix (~> 2.0, >= 2.0.2)
    chingu (0.9rc9)
      gosu (>= 0.7.45)
    chroma (0.1.0)
    excon (0.55.0)
    gosu (0.12.0-x86-mingw32)
    humanize (1.3.0)
    launchy (2.4.3)
      addressable (~> 2.3)
    msgpack (1.1.0-x86-mingw32)
    oj (3.0.7)
    public_suffix (2.0.5)
    rake (12.0.0)

PLATFORMS
  x86-mingw32

DEPENDENCIES
  chingu (= 0.9rc9)
  chroma
  excon
  gosu
  humanize
  launchy
  msgpack
  oj
  rake

BUNDLED WITH
   1.14.6
