GEM
  remote: https://rubygems.org/
  specs:
    addressable (2.5.1)
      public_suffix (~> 2.0, >= 2.0.2)
    chingu (0.9rc9)
      gosu (>= 0.7.45)
    chroma (0.1.0)
    cri (2.1.0)
    excon (0.55.0)
    gosu (0.11.3.1-x86-mingw32)
    humanize (1.3.0)
    launchy (2.4.3)
      addressable (~> 2.3)
    msgpack (1.1.0-x86-mingw32)
    ocra (1.3.8)
    oj (2.18.5)
    public_suffix (2.0.5)
    rake (12.0.0)
    releasy (0.2.3)
      bundler (>= 1.2.1)
      cri (~> 2.1.0)
      ocra (~> 1.3.0)
      rake (>= 0.9.2.2)
      thor (~> 0.14.6)
    thor (0.14.6)

PLATFORMS
  x86-mingw32

DEPENDENCIES
  chingu (= 0.9rc9)
  chroma
  excon
  gosu
  humanize
  launchy
  msgpack
  oj
  rake
  releasy

BUNDLED WITH
   1.14.6
