GEM
  remote: https://rubygems.org/
  specs:
    addressable (2.4.0)
    ashton (0.1.5)
      gosu (~> 0.7)
      opengl (~> 0.10.0)
    chingu (0.9rc9)
      gosu (>= 0.7.45)
    chroma (0.1.0)
    excon (0.52.0)
    gosu (0.10.8-x64-mingw32)
    gosu (0.10.8-x86-mingw32)
    humanize (1.1.2)
    launchy (2.4.3)
      addressable (~> 2.3)
    oj (2.17.3)
    opengl (0.10.0.pre1-x86-mingw32)
    opengl (0.9.2-x64-mingw32)
    rake (11.2.2)
    texplay (0.4.4.pre)
      gosu (>= 0.7.25)

PLATFORMS
  x64-mingw32
  x86-mingw32

DEPENDENCIES
  ashton (= 0.1.5)
  chingu (= 0.9rc9)
  chroma
  excon
  gosu
  humanize
  launchy
  oj
  rake
  texplay (~> 0.4.4.pre)

BUNDLED WITH
   1.12.5
