GIT
  remote: git://github.com/Spooner/ashton.git
  revision: 313673d8b1b3e1082c9d24e4a166396d1f471634
  specs:
    ashton (0.1.5)
      gosu (~> 0.7)
      opengl (~> 0.9.0)

GIT
  remote: git://github.com/banister/texplay.git
  revision: a7055d39aee332b6ef98327bf6463a10ee1098cb
  specs:
    texplay (0.4.4.pre)
      gosu (>= 0.7.25)

GEM
  remote: https://rubygems.org/
  specs:
    addressable (2.4.0)
    chingu (0.9rc9)
      gosu (>= 0.7.45)
    chroma (0.0.1)
    excon (0.45.4)
    gosu (0.10.4)
    gosu (0.10.4-x86-mingw32)
    humanize (1.1.0)
    launchy (2.4.3)
      addressable (~> 2.3)
    oj (2.14.1)
    opengl (0.9.2)
    opengl (0.9.2-x86-mingw32)
    rake (0.9.2.2)

PLATFORMS
  ruby
  x86-mingw32

DEPENDENCIES
  ashton!
  chingu (= 0.9rc9)
  chroma
  excon
  gosu
  humanize
  launchy
  oj
  rake (= 0.9.2.2)
  texplay!

BUNDLED WITH
   1.10.6
