GIT
  remote: git://github.com/Spooner/ashton.git
  revision: 313673d8b1b3e1082c9d24e4a166396d1f471634
  specs:
    ashton (0.1.5)
      gosu (~> 0.7)
      opengl (~> 0.9.0)

GIT
  remote: git://github.com/banister/texplay.git
  revision: a7055d39aee332b6ef98327bf6463a10ee1098cb
  specs:
    texplay (0.4.4.pre)
      gosu (>= 0.7.25)

GEM
  remote: https://rubygems.org/
  specs:
    chingu (0.9rc9)
      gosu (>= 0.7.45)
    chroma (0.0.1)
    coderay (1.1.0)
    cri (2.1.0)
    excon (0.45.4)
    faster_xml_simple (0.5.0)
      libxml-ruby (>= 0.3.8.4)
    gosu (0.8.7.2-x86-mingw32)
    httpclient (2.6.0.1)
    humanize (1.1.0)
    json (1.8.3)
    libxml-ruby (2.7.0-x86-mingw32)
    method_source (0.8.2)
    mini_portile (0.6.2)
    net-github-upload (0.0.8)
      faster_xml_simple
      httpclient
      json
      nokogiri (>= 1.4.0)
    nokogiri (1.6.6.2-x86-mingw32)
      mini_portile (~> 0.6.0)
    ocra (1.3.5)
    oj (2.12.12)
    opengl (0.9.2-x86-mingw32)
    pry (0.10.1-x86-mingw32)
      coderay (~> 1.1.0)
      method_source (~> 0.8.1)
      slop (~> 3.4)
      win32console (~> 1.3)
    rake (0.9.2.2)
    releasy (0.2.2)
      cri (~> 2.1.0)
      net-github-upload (~> 0.0.8)
      ocra (~> 1.3.0)
      rake (~> 0.9.2.2)
      thor (~> 0.14.6)
    ruby-prof (0.15.8)
    slop (3.6.0)
    thor (0.14.6)
    win32console (1.3.2-x86-mingw32)

PLATFORMS
  x86-mingw32

DEPENDENCIES
  ashton!
  chingu (~> 0.9rc9)
  chroma
  excon
  gosu (~> 0.8.5)
  humanize
  libxml-ruby (= 2.7.0)
  oj
  pry
  rake (= 0.9.2.2)
  releasy
  ruby-prof
  texplay!

BUNDLED WITH
   1.10.6
